PATH
  remote: .
  specs:
    bio-sdk (0.3.0)
      cli-ui (~> 1.2)
      mixlib-cli (~> 2.0)
      mixlib-shellout (~> 2.4)
      tomlrb (~> 1.2)

GEM
  remote: https://rubygems.org/
  specs:
    cli-ui (1.2.3)
    coderay (1.1.2)
    method_source (0.9.2)
    minitest (5.11.3)
    mixlib-cli (2.0.3)
    mixlib-shellout (2.4.4)
    pry (0.12.2)
      coderay (~> 1.1.0)
      method_source (~> 0.9.0)
    rake (13.0.1)
    tomlrb (1.2.8)

PLATFORMS
  ruby

DEPENDENCIES
  bio-sdk!
  bundler (~> 2.0)
  minitest (~> 5.0)
  pry (~> 0.12)
  rake (~> 13.0)

BUNDLED WITH
   2.0.1
